GEM
  remote: http://rubygems.org/
  specs:
    chatterbot (0.5.1)
      twitter_oauth
    json (1.7.3)
    mime-types (1.18)
    oauth (0.4.6)
    shoulda (3.0.1)
      shoulda-context (~> 1.0.0)
      shoulda-matchers (~> 1.0.0)
    shoulda-context (1.0.0)
    shoulda-matchers (1.0.0)
    twitter_oauth (0.4.3)
      json (>= 1.1.9)
      mime-types (>= 1.16)
      oauth (>= 0.4.1)

PLATFORMS
  ruby

DEPENDENCIES
  chatterbot
  shoulda
